PATH
  remote: .
  specs:
    net_tcp_client (2.0.1)

GEM
  remote: http://rubygems.org/
  specs:
    ansi (1.5.0)
    awesome_print (1.8.0)
    bson (1.12.5)
    bson (1.12.5-java)
    bson_ext (1.12.5)
      bson (~> 1.12.5)
    builder (3.2.3)
    concurrent-ruby (1.0.5)
    concurrent-ruby (1.0.5-java)
    minitest (5.10.3)
    minitest-reporters (1.1.18)
      ansi
      builder
      minitest (>= 5.0)
      ruby-progressbar
    rake (12.1.0)
    ruby-progressbar (1.9.0)
    semantic_logger (3.4.1)
      concurrent-ruby (~> 1.0)

PLATFORMS
  java
  ruby

DEPENDENCIES
  awesome_print
  bson (~> 1.0)
  bson_ext
  minitest
  minitest-reporters
  net_tcp_client!
  rake
  semantic_logger (~> 3.2)

BUNDLED WITH
   1.15.4
