PATH
  remote: .
  specs:
    net_tcp_client (2.0.1)

GEM
  remote: http://rubygems.org/
  specs:
    ansi (1.5.0)
    awesome_print (1.6.1)
    bson (1.12.5)
    bson (1.12.5-java)
    bson_ext (1.12.5)
      bson (~> 1.12.5)
    builder (3.2.2)
    concurrent-ruby (1.0.2)
    concurrent-ruby (1.0.2-java)
    minitest (5.9.0)
    minitest-reporters (1.1.9)
      ansi
      builder
      minitest (>= 5.0)
      ruby-progressbar
    rake (10.5.0)
    ruby-progressbar (1.8.1)
    semantic_logger (3.3.0)
      concurrent-ruby (~> 1.0)

PLATFORMS
  java
  ruby

DEPENDENCIES
  awesome_print
  bson (~> 1.0)
  bson_ext
  minitest
  minitest-reporters
  net_tcp_client!
  rake (~> 10.0)
  semantic_logger (~> 3.2)

BUNDLED WITH
   1.12.4
